GEM
  remote: https://rubygems.org/
  specs:
    rake (13.0.6)

PLATFORMS
  x64-mingw32

DEPENDENCIES
  rake (~> 13.0, >= 13.0.6)

BUNDLED WITH
   2.2.26
